PATH
  remote: .
  specs:
    pixie-dust (0.0.1)
      cornerstone-source
      sprockets

GEM
  remote: http://rubygems.org/
  specs:
    cornerstone-source (0.1.9)
    hike (1.2.1)
    multi_json (1.6.1)
    rack (1.5.2)
    rake (10.0.3)
    sprockets (2.8.2)
      hike (~> 1.2)
      multi_json (~> 1.0)
      rack (~> 1.0)
      tilt (~> 1.1, != 1.3.0)
    tilt (1.3.3)

PLATFORMS
  ruby

DEPENDENCIES
  pixie-dust!
  rake
